{
	"Modality": "MR",
	"MagneticFieldStrength": 3,
	"ImagingFrequency": 123.252,
	"Manufacturer": "Siemens",
	"ManufacturersModelName": "Prisma",
	"StationName": "Prisma3T",
	"BodyPartExamined": "MR_NEURO_SCHADEL",
	"PatientPosition": "HFS",
	"ProcedureStepDescription": "MR_Neuro_Schadel_Forschung",
	"SoftwareVersions": "syngo_MR_E11",
	"MRAcquisitionType": "3D",
	"SeriesDescription": "t1_mpr_adni3_sag_iso_1mm_ns_TI_0.8_TR_1.7",
	"ProtocolName": "t1_mpr_adni3_sag_iso_1mm_ns_TI_0.8_TR_1.7",
	"ScanningSequence": "GR_IR",
	"SequenceVariant": "SK_SP_MP",
	"ScanOptions": "IR",
	"SequenceName": "_tfl3d1_16ns",
	"ImageType": [
		"ORIGINAL",
		"PRIMARY",
		"M",
		"NORM",
		"DIS3D",
		"DIS2D"
	],
	"SeriesNumber": 10,
	"AcquisitionTime": "12:28:20.000000",
	"AcquisitionNumber": 1,
	"SliceThickness": 1,
	"SAR": 0.0747796,
	"EchoTime": 0.00296,
	"RepetitionTime": 1.7,
	"InversionTime": 0.8,
	"FlipAngle": 9,
	"PartialFourier": 1,
	"BaseResolution": 256,
	"ShimSetting": [
		3319,
		-11682,
		5145,
		139,
		-75,
		-425,
		117,
		32
	],
	"TxRefAmp": 228.086,
	"PhaseResolution": 1,
	"ReceiveCoilName": "HeadNeck_64",
	"ReceiveCoilActiveElements": "HC1-7;NC1,2",
	"CoilString": "HC1-7;NC1_2",
	"PulseSequenceDetails": "%SiemensSeq%_tfl",
	"ConsistencyInfo": "N4_VE11C_LATEST_20160120",
	"PercentPhaseFOV": 93.75,
	"PhaseEncodingSteps": 239,
	"AcquisitionMatrixPE": 240,
	"ReconMatrixPE": 256,
	"PixelBandwidth": 240,
	"DwellTime": 8.1e-06,
	"ImageOrientationPatientDICOM": [
		-0.0148374,
		0.988905,
		0.147807,
		0.00363873,
		0.147876,
		-0.988999
	],
	"InPlanePhaseEncodingDirectionDICOM": "ROW",
	"ConversionSoftware": "dcm2niix",
	"ConversionSoftwareVersion": "v1.0.20181125  GCC5.3.1",
	"AGE": "40.00"
}