{
	"Modality": "MR",
	"MagneticFieldStrength": 3,
	"ImagingFrequency": 123.252,
	"Manufacturer": "Siemens",
	"ManufacturersModelName": "Prisma",
	"StationName": "Prisma3T",
	"BodyPartExamined": "MR_NEURO_SCHADEL",
	"PatientPosition": "HFS",
	"ProcedureStepDescription": "MR_Neuro_Schadel",
	"SoftwareVersions": "syngo_MR_E11",
	"MRAcquisitionType": "3D",
	"SeriesDescription": "t1_mpr_adni3_sag_iso_1mm_ns_TI_1.1_TR_2",
	"ProtocolName": "t1_mpr_adni3_sag_iso_1mm_ns_TI_1.1_TR_2",
	"ScanningSequence": "GR_IR",
	"SequenceVariant": "SK_SP_MP",
	"ScanOptions": "IR",
	"SequenceName": "_tfl3d1_16ns",
	"ImageType": [
		"ORIGINAL",
		"PRIMARY",
		"M",
		"NORM",
		"DIS3D",
		"DIS2D"
	],
	"SeriesNumber": 12,
	"AcquisitionTime": "09:42:55.290000",
	"AcquisitionNumber": 1,
	"SliceThickness": 1,
	"SAR": 0.0647226,
	"EchoTime": 0.00296,
	"RepetitionTime": 2,
	"InversionTime": 1.1,
	"FlipAngle": 9,
	"PartialFourier": 1,
	"BaseResolution": 256,
	"ShimSetting": [
		3346,
		-11664,
		5157,
		254,
		2,
		-465,
		-14,
		-20
	],
	"TxRefAmp": 249.878,
	"PhaseResolution": 1,
	"ReceiveCoilName": "HeadNeck_64",
	"ReceiveCoilActiveElements": "HC1-7;NC1,2",
	"CoilString": "HC1-7;NC1_2",
	"PulseSequenceDetails": "%SiemensSeq%_tfl",
	"ConsistencyInfo": "N4_VE11C_LATEST_20160120",
	"PercentPhaseFOV": 93.75,
	"PhaseEncodingSteps": 239,
	"AcquisitionMatrixPE": 240,
	"ReconMatrixPE": 256,
	"PixelBandwidth": 240,
	"DwellTime": 8.1e-06,
	"ImageOrientationPatientDICOM": [
		0.0399283,
		0.999203,
		2.05187e-08,
		0.00402605,
		-0.000160861,
		-0.999992
	],
	"InPlanePhaseEncodingDirectionDICOM": "ROW",
	"ConversionSoftware": "dcm2niix",
	"ConversionSoftwareVersion": "v1.0.20181125  GCC5.3.1",
	"AGE": "47.84"
}