{
	"Modality": "MR",
	"MagneticFieldStrength": 3,
	"ImagingFrequency": 123.252,
	"Manufacturer": "Siemens",
	"ManufacturersModelName": "Prisma",
	"StationName": "Prisma3T",
	"BodyPartExamined": "MR_NEURO_SCHADEL",
	"PatientPosition": "HFS",
	"ProcedureStepDescription": "MR_Neuro_Schadel_Forschung",
	"SoftwareVersions": "syngo_MR_E11",
	"MRAcquisitionType": "3D",
	"SeriesDescription": "t1_mpr_adni3_sag_iso_1mm_ns_TR_2.3_IR_0.9",
	"ProtocolName": "t1_mpr_adni3_sag_iso_1mm_ns_TR_2.3_IR_0.9",
	"ScanningSequence": "GR_IR",
	"SequenceVariant": "SK_SP_MP",
	"ScanOptions": "IR",
	"SequenceName": "_tfl3d1_16ns",
	"ImageType": [
		"ORIGINAL",
		"PRIMARY",
		"M",
		"NORM",
		"DIS3D",
		"DIS2D"
	],
	"SeriesNumber": 13,
	"AcquisitionTime": "12:41:59.760000",
	"AcquisitionNumber": 1,
	"SliceThickness": 1,
	"SAR": 0.0499138,
	"EchoTime": 0.00296,
	"RepetitionTime": 2.3,
	"InversionTime": 0.9,
	"FlipAngle": 9,
	"PartialFourier": 1,
	"BaseResolution": 256,
	"ShimSetting": [
		3325,
		-11643,
		5139,
		123,
		-58,
		-411,
		101,
		46
	],
	"TxRefAmp": 222.266,
	"PhaseResolution": 1,
	"ReceiveCoilName": "HeadNeck_64",
	"ReceiveCoilActiveElements": "HC1-7;NC1,2",
	"CoilString": "HC1-7;NC1_2",
	"PulseSequenceDetails": "%SiemensSeq%_tfl",
	"ConsistencyInfo": "N4_VE11C_LATEST_20160120",
	"PercentPhaseFOV": 93.75,
	"PhaseEncodingSteps": 239,
	"AcquisitionMatrixPE": 240,
	"ReconMatrixPE": 256,
	"PixelBandwidth": 240,
	"DwellTime": 8.1e-06,
	"ImageOrientationPatientDICOM": [
		-0.0148374,
		0.988905,
		0.147807,
		0.00363873,
		0.147876,
		-0.988999
	],
	"InPlanePhaseEncodingDirectionDICOM": "ROW",
	"ConversionSoftware": "dcm2niix",
	"ConversionSoftwareVersion": "v1.0.20181125  GCC5.3.1",
	"AGE": "40.00"
}